GEM
  remote: http://rubygems.org/
  specs:
    mime-types (1.19)
    parse-ruby-client (0.1.1)
      patron
      vcr
    patron (0.4.18)
    rack (1.4.1)
    rack-protection (1.2.0)
      rack
    rest-client (1.6.7)
      mime-types (>= 1.16)
    sinatra (1.3.3)
      rack (~> 1.3, >= 1.3.6)
      rack-protection (~> 1.2)
      tilt (~> 1.3, >= 1.3.3)
    tilt (1.3.3)
    vcr (2.2.4)

PLATFORMS
  ruby

DEPENDENCIES
  parse-ruby-client (~> 0.1.1)
  rest-client (~> 1.6.7)
  sinatra (~> 1.3.1)
